GIT
  remote: git://github.com/aslakhellesoy/cucumber-rails.git
  revision: b75110d
  specs:
    cucumber-rails (0.3.2)
      cucumber (>= 0.8.0)
    cucumber-rails (0.3.2)
      cucumber (>= 0.8.0)

GIT
  remote: git://github.com/aslakhellesoy/cucumber.git
  revision: 7d9df05
  specs:
    cucumber (0.8.3)
      builder (~> 2.1.2)
      diff-lcs (~> 1.1.2)
      gherkin (~> 2.0.2)
      json_pure (~> 1.4.3)
      term-ansicolor (~> 1.0.4)
    cucumber (0.8.3)
      builder (~> 2.1.2)
      diff-lcs (~> 1.1.2)
      gherkin (~> 2.0.2)
      json_pure (~> 1.4.3)
      term-ansicolor (~> 1.0.4)

GIT
  remote: git://github.com/bmabey/database_cleaner.git
  revision: 7ea99d7
  specs:
    database_cleaner (0.5.2)
    database_cleaner (0.5.2)

GIT
  remote: git://github.com/justinfrench/formtastic.git
  revision: f763772
  branch: rails3
  specs:

GIT
  remote: git://github.com/mislav/will_paginate.git
  revision: 60aa1c7
  branch: rails3
  specs:
    will_paginate (3.0.pre)
    will_paginate (3.0.pre)

GIT
  remote: git://github.com/notahat/machinist.git
  revision: 74a63b0
  specs:
    machinist (1.0.6)
    machinist (1.0.6)

GIT
  remote: git://github.com/rails/rails.git
  revision: 8079484
  specs:
    actionmailer (3.0.0.beta4)
      actionpack (= 3.0.0.beta4)
      mail (~> 2.2.3)
    actionmailer (3.0.0.beta4)
      actionpack (= 3.0.0.beta4)
      mail (~> 2.2.3)
    actionpack (3.0.0.beta4)
      activemodel (= 3.0.0.beta4)
      activesupport (= 3.0.0.beta4)
      builder (~> 2.1.2)
      erubis (~> 2.6.6)
      i18n (~> 0.4.1)
      rack (~> 1.2.1)
      rack-test (~> 0.5.4)
      tzinfo (~> 0.3.16)
    actionpack (3.0.0.beta4)
      activemodel (= 3.0.0.beta4)
      activesupport (= 3.0.0.beta4)
      builder (~> 2.1.2)
      erubis (~> 2.6.6)
      i18n (~> 0.4.1)
      rack (~> 1.2.1)
      rack-test (~> 0.5.4)
      tzinfo (~> 0.3.16)
    activemodel (3.0.0.beta4)
      activesupport (= 3.0.0.beta4)
      builder (~> 2.1.2)
      i18n (~> 0.4.1)
    activemodel (3.0.0.beta4)
      activesupport (= 3.0.0.beta4)
      builder (~> 2.1.2)
      i18n (~> 0.4.1)
    activerecord (3.0.0.beta4)
      activemodel (= 3.0.0.beta4)
      activesupport (= 3.0.0.beta4)
      arel (~> 0.4.0)
      tzinfo (~> 0.3.16)
    activerecord (3.0.0.beta4)
      activemodel (= 3.0.0.beta4)
      activesupport (= 3.0.0.beta4)
      arel (~> 0.4.0)
      tzinfo (~> 0.3.16)
    activeresource (3.0.0.beta4)
      activemodel (= 3.0.0.beta4)
      activesupport (= 3.0.0.beta4)
    activeresource (3.0.0.beta4)
      activemodel (= 3.0.0.beta4)
      activesupport (= 3.0.0.beta4)
    activesupport (3.0.0.beta4)
    activesupport (3.0.0.beta4)
    rails (3.0.0.beta4)
      actionmailer (= 3.0.0.beta4)
      actionpack (= 3.0.0.beta4)
      activerecord (= 3.0.0.beta4)
      activeresource (= 3.0.0.beta4)
      activesupport (= 3.0.0.beta4)
      bundler (>= 1.0.0.beta.2)
      railties (= 3.0.0.beta4)
    rails (3.0.0.beta4)
      actionmailer (= 3.0.0.beta4)
      actionpack (= 3.0.0.beta4)
      activerecord (= 3.0.0.beta4)
      activeresource (= 3.0.0.beta4)
      activesupport (= 3.0.0.beta4)
      bundler (>= 1.0.0.beta.2)
      railties (= 3.0.0.beta4)
    railties (3.0.0.beta4)
      actionpack (= 3.0.0.beta4)
      activesupport (= 3.0.0.beta4)
      rake (>= 0.8.3)
      thor (~> 0.13.7)
    railties (3.0.0.beta4)
      actionpack (= 3.0.0.beta4)
      activesupport (= 3.0.0.beta4)
      rake (>= 0.8.3)
      thor (~> 0.13.7)

GEM
  remote: http://rubygems.org/
  specs:
    ZenTest (4.3.3)
    ZenTest (4.3.3)
    abstract (1.0.0)
    abstract (1.0.0)
    arel (0.4.0)
      activesupport (>= 3.0.0.beta)
    arel (0.4.0)
      activesupport (>= 3.0.0.beta)
    authlogic (2.1.5)
      activesupport
    authlogic (2.1.5)
      activesupport
    autotest (4.3.2)
    autotest (4.3.2)
    autotest-fsevent (0.2.2)
      autotest (>= 4.2.4)
      sys-uname
    autotest-fsevent (0.2.2)
      autotest (>= 4.2.4)
      sys-uname
    autotest-growl (0.2.4)
      autotest (>= 4.2.4)
    autotest-growl (0.2.4)
      autotest (>= 4.2.4)
    autotest-rails-pure (4.1.0)
    autotest-rails-pure (4.1.0)
    awesome_print (0.2.1)
    awesome_print (0.2.1)
    builder (2.1.2)
    builder (2.1.2)
    capybara (0.3.9)
      culerity (>= 0.2.4)
      mime-types (>= 1.16)
      nokogiri (>= 1.3.3)
      rack (>= 1.0.0)
      rack-test (>= 0.5.4)
      selenium-webdriver (>= 0.0.3)
    capybara (0.3.9)
      culerity (>= 0.2.4)
      mime-types (>= 1.16)
      nokogiri (>= 1.3.3)
      rack (>= 1.0.0)
      rack-test (>= 0.5.4)
      selenium-webdriver (>= 0.0.3)
    capybara-envjs (0.1.6)
      capybara (>= 0.3.9)
      envjs (>= 0.3.7)
    capybara-envjs (0.1.6)
      capybara (>= 0.3.9)
      envjs (>= 0.3.7)
    columnize (0.3.1)
    columnize (0.3.1)
    compass (0.10.1)
      haml (>= 3.0.4)
    compass (0.10.1)
      haml (>= 3.0.4)
    configuration (1.1.0)
    configuration (1.1.0)
    culerity (0.2.10)
    culerity (0.2.10)
    diff-lcs (1.1.2)
    diff-lcs (1.1.2)
    envjs (0.3.7)
      johnson (>= 2.0.0.pre3)
    envjs (0.3.7)
      johnson (>= 2.0.0.pre3)
    erubis (2.6.6)
      abstract (>= 1.0.0)
    erubis (2.6.6)
      abstract (>= 1.0.0)
    faker (0.3.1)
    faker (0.3.1)
    fancy-buttons (0.5.4)
      compass (>= 0.10.0)
      haml (>= 3.0.2)
    fancy-buttons (0.5.4)
      compass (>= 0.10.0)
      haml (>= 3.0.2)
    ffi (0.6.3)
      rake (>= 0.8.7)
    ffi (0.6.3)
      rake (>= 0.8.7)
    formtastic (0.9.10)
      actionpack (>= 2.3.0)
      activesupport (>= 2.3.0)
    formtastic (0.9.10)
      actionpack (>= 2.3.0)
      activesupport (>= 2.3.0)
    friendly_id (3.0.6)
      activerecord (>= 2.2)
      activesupport (>= 2.2)
    friendly_id (3.0.6)
      activerecord (>= 2.2)
      activesupport (>= 2.2)
    gherkin (2.0.2)
      trollop (~> 1.16.2)
    gherkin (2.0.2)
      trollop (~> 1.16.2)
    haml (3.0.13)
    haml (3.0.13)
    i18n (0.4.1)
    i18n (0.4.1)
    johnson (2.0.0.pre3)
      stackdeck (~> 0.2)
    johnson (2.0.0.pre3)
      stackdeck (~> 0.2)
    json_pure (1.4.3)
    json_pure (1.4.3)
    launchy (0.3.5)
      configuration (>= 0.0.5)
      rake (>= 0.8.1)
    launchy (0.3.5)
      configuration (>= 0.0.5)
      rake (>= 0.8.1)
    linecache (0.43)
    linecache (0.43)
    mail (2.2.5)
      activesupport (>= 2.3.6)
      mime-types
      treetop (>= 1.4.5)
    mail (2.2.5)
      activesupport (>= 2.3.6)
      mime-types
      treetop (>= 1.4.5)
    mime-types (1.16)
    mime-types (1.16)
    mysql (2.8.1)
    mysql (2.8.1)
    nokogiri (1.4.2)
    nokogiri (1.4.2)
    polyglot (0.3.1)
    polyglot (0.3.1)
    prawn (0.8.4)
      prawn-core (>= 0.8.4, < 0.9)
      prawn-layout (>= 0.8.4, < 0.9)
      prawn-security (>= 0.8.4, < 0.9)
    prawn (0.8.4)
      prawn-core (>= 0.8.4, < 0.9)
      prawn-layout (>= 0.8.4, < 0.9)
      prawn-security (>= 0.8.4, < 0.9)
    prawn-core (0.8.4)
    prawn-core (0.8.4)
    prawn-layout (0.8.4)
    prawn-layout (0.8.4)
    prawn-security (0.8.4)
    prawn-security (0.8.4)
    rack (1.2.1)
    rack (1.2.1)
    rack-test (0.5.4)
      rack (>= 1.0)
    rack-test (0.5.4)
      rack (>= 1.0)
    rake (0.8.7)
    rake (0.8.7)
    redgreen (1.2.2)
    redgreen (1.2.2)
    rmagick (2.13.1)
    rmagick (2.13.1)
    rspec (2.0.0.beta.15)
      rspec-core (= 2.0.0.beta.15)
      rspec-expectations (= 2.0.0.beta.15)
      rspec-mocks (= 2.0.0.beta.15)
    rspec (2.0.0.beta.15)
      rspec-core (= 2.0.0.beta.15)
      rspec-expectations (= 2.0.0.beta.15)
      rspec-mocks (= 2.0.0.beta.15)
    rspec-core (2.0.0.beta.15)
    rspec-core (2.0.0.beta.15)
    rspec-expectations (2.0.0.beta.15)
      diff-lcs (>= 1.1.2)
    rspec-expectations (2.0.0.beta.15)
      diff-lcs (>= 1.1.2)
    rspec-mocks (2.0.0.beta.15)
    rspec-mocks (2.0.0.beta.15)
    rspec-rails (2.0.0.beta.15)
      rspec (>= 2.0.0.beta.14)
      webrat (>= 0.7.0)
    rspec-rails (2.0.0.beta.15)
      rspec (>= 2.0.0.beta.14)
      webrat (>= 0.7.0)
    ruby-debug (0.10.3)
      columnize (>= 0.1)
      ruby-debug-base (~> 0.10.3.0)
    ruby-debug (0.10.3)
      columnize (>= 0.1)
      ruby-debug-base (~> 0.10.3.0)
    ruby-debug-base (0.10.3)
      linecache (>= 0.3)
    ruby-debug-base (0.10.3)
      linecache (>= 0.3)
    selenium-webdriver (0.0.24)
      ffi (>= 0.6.1)
      json_pure
    selenium-webdriver (0.0.24)
      ffi (>= 0.6.1)
      json_pure
    ssl_requirement (0.1.0)
    ssl_requirement (0.1.0)
    stackdeck (0.2.0)
    stackdeck (0.2.0)
    state_machine (0.9.3)
    state_machine (0.9.3)
    sys-uname (0.8.4)
    sys-uname (0.8.4)
    term-ansicolor (1.0.5)
    term-ansicolor (1.0.5)
    thor (0.13.7)
    thor (0.13.7)
    treetop (1.4.8)
      polyglot (>= 0.3.1)
    treetop (1.4.8)
      polyglot (>= 0.3.1)
    trollop (1.16.2)
    trollop (1.16.2)
    tzinfo (0.3.22)
    tzinfo (0.3.22)
    webrat (0.7.1)
      nokogiri (>= 1.2.0)
      rack (>= 1.0)
      rack-test (>= 0.5.3)
    webrat (0.7.1)
      nokogiri (>= 1.2.0)
      rack (>= 1.0)
      rack-test (>= 0.5.3)

PLATFORMS
  ruby

DEPENDENCIES
  ZenTest
  authlogic (= 2.1.5)
  autotest
  autotest-fsevent
  autotest-fsevent
  autotest-growl
  autotest-rails-pure
  autotest-rails-pure
  awesome_print
  capybara
  capybara-envjs
  compass (= 0.10.1)
  cucumber!
  cucumber-rails!
  database_cleaner!
  faker
  fancy-buttons
  formtastic!
  friendly_id (~> 3.0)
  haml (>= 3.0.4)
  launchy
  machinist!
  mysql
  mysql
  prawn
  rails!
  redgreen
  rmagick
  rspec (>= 2.0.0.beta.10)
  rspec-rails (>= 2.0.0.beta.10)
  ruby-debug
  ssl_requirement
  state_machine
  will_paginate!
