GIT
  remote: git://github.com/justinfrench/formtastic.git
  revision: eeba8d4
  branch: rails3
  specs:
    formtastic (1.1.0.beta)
      actionpack (>= 2.3.0)
      activesupport (>= 2.3.0)
      i18n (>= 0.4.0)

GIT
  remote: git://github.com/mislav/will_paginate.git
  revision: 3615938
  branch: rails3
  specs:
    will_paginate (3.0.pre2)

GIT
  remote: git://github.com/parasew/acts_as_tree.git
  revision: ed52495
  specs:
    acts_as_tree (1.2.3)

GEM
  remote: http://rubygems.org/
  specs:
    abstract (1.0.0)
    actionmailer (3.0.0.rc)
      actionpack (= 3.0.0.rc)
      mail (~> 2.2.5)
    actionpack (3.0.0.rc)
      activemodel (= 3.0.0.rc)
      activesupport (= 3.0.0.rc)
      builder (~> 2.1.2)
      erubis (~> 2.6.6)
      i18n (~> 0.4.1)
      rack (~> 1.2.1)
      rack-mount (~> 0.6.9)
      rack-test (~> 0.5.4)
      tzinfo (~> 0.3.22)
    activemerchant (1.7.2)
      activesupport (>= 2.3.2)
      braintree (>= 2.0.0)
      builder (>= 2.0.0)
    activemodel (3.0.0.rc)
      activesupport (= 3.0.0.rc)
      builder (~> 2.1.2)
      i18n (~> 0.4.1)
    activerecord (3.0.0.rc)
      activemodel (= 3.0.0.rc)
      activesupport (= 3.0.0.rc)
      arel (~> 0.4.0)
      tzinfo (~> 0.3.22)
    activeresource (3.0.0.rc)
      activemodel (= 3.0.0.rc)
      activesupport (= 3.0.0.rc)
    activesupport (3.0.0.rc)
    arel (0.4.0)
      activesupport (>= 3.0.0.beta)
    authlogic (2.1.5)
      activesupport
    autotest (4.3.2)
    autotest-fsevent (0.2.2)
      autotest (>= 4.2.4)
      sys-uname
    autotest-growl (0.2.4)
      autotest (>= 4.2.4)
    autotest-rails-pure (4.1.0)
    awesome_print (0.2.1)
    babosa (0.1.1)
    braintree (2.5.0)
      builder
    builder (2.1.2)
    cancan (1.3.3)
    columnize (0.3.1)
    compass (0.10.5.pre.1)
      haml (>= 3.0.4)
    diff-lcs (1.1.2)
    erubis (2.6.6)
      abstract (>= 1.0.0)
    escape (0.0.4)
    factory_girl (1.3.2)
    factory_girl_rails (1.0)
      factory_girl (~> 1.3)
      rails (>= 3.0.0.beta4)
    faker (0.3.1)
    fancy-buttons (0.5.5)
      compass (>= 0.10.0)
      haml (>= 3.0.2)
    friendly_id (3.1.3)
      babosa (>= 0.1.0)
    haml (3.0.13)
    i18n (0.4.1)
    linecache (0.43)
    mail (2.2.5)
      activesupport (>= 2.3.6)
      mime-types
      treetop (>= 1.4.5)
    mime-types (1.16)
    paperclip (2.3.3)
      activerecord
      activesupport
    polyglot (0.3.1)
    prawn (0.8.4)
      prawn-core (>= 0.8.4, < 0.9)
      prawn-layout (>= 0.8.4, < 0.9)
      prawn-security (>= 0.8.4, < 0.9)
    prawn-core (0.8.4)
    prawn-layout (0.8.4)
    prawn-security (0.8.4)
    rack (1.2.1)
    rack-mount (0.6.12)
      rack (>= 1.0.0)
    rack-test (0.5.4)
      rack (>= 1.0)
    rails (3.0.0.rc)
      actionmailer (= 3.0.0.rc)
      actionpack (= 3.0.0.rc)
      activerecord (= 3.0.0.rc)
      activeresource (= 3.0.0.rc)
      activesupport (= 3.0.0.rc)
      bundler (>= 1.0.0.rc.1)
      railties (= 3.0.0.rc)
    railties (3.0.0.rc)
      actionpack (= 3.0.0.rc)
      activesupport (= 3.0.0.rc)
      rake (>= 0.8.3)
      thor (~> 0.14.0)
    rake (0.8.7)
    rmagick (2.13.1)
    rsolr (0.12.1)
      builder (>= 2.1.2)
    rspec (2.0.0.beta.20)
      rspec-core (= 2.0.0.beta.20)
      rspec-expectations (= 2.0.0.beta.20)
      rspec-mocks (= 2.0.0.beta.20)
    rspec-core (2.0.0.beta.20)
    rspec-expectations (2.0.0.beta.20)
      diff-lcs (>= 1.1.2)
    rspec-mocks (2.0.0.beta.20)
    rspec-rails (2.0.0.beta.20)
      rspec (= 2.0.0.beta.20)
    ruby-debug (0.10.3)
      columnize (>= 0.1)
      ruby-debug-base (~> 0.10.3.0)
    ruby-debug-base (0.10.3)
      linecache (>= 0.3)
    ruby-mysql (2.9.3)
    ssl_requirement (0.1.0)
    state_machine (0.9.4)
    sunspot (1.1.0)
      escape (= 0.0.4)
      rsolr (= 0.12.1)
    sunspot_rails (1.1.0)
      sunspot (= 1.1.0)
    sys-uname (0.8.4)
    thor (0.14.0)
    treetop (1.4.8)
      polyglot (>= 0.3.1)
    tzinfo (0.3.23)
    validation_reflection (0.3.8)

PLATFORMS
  ruby

DEPENDENCIES
  activemerchant (= 1.7.2)
  acts_as_tree!
  authlogic (= 2.1.5)
  autotest
  autotest-fsevent
  autotest-growl
  autotest-rails-pure
  awesome_print
  cancan
  compass (>= 0.10.4.pre.4)
  factory_girl_rails
  faker
  fancy-buttons
  formtastic!
  friendly_id (~> 3.0)
  haml (= 3.0.13, >= 3.0.4)
  paperclip
  prawn
  rails (= 3.0.0.rc)
  rmagick
  rspec (>= 2.0.0.beta.19)
  rspec-core (>= 2.0.0.beta.19)
  rspec-expectations (>= 2.0.0.beta.19)
  rspec-mocks (>= 2.0.0.beta.19)
  rspec-rails (>= 2.0.0.beta.19)
  ruby-debug
  ruby-mysql
  ssl_requirement
  state_machine
  sunspot
  sunspot_rails
  validation_reflection
  will_paginate!
